PATH
  remote: .
  specs:
    codeclimatetest (0.1.0)

GEM
  remote: https://rubygems.org/
  specs:
    power_assert (1.1.3)
    rake (13.0.1)
    test-unit (3.2.9)
      power_assert

PLATFORMS
  ruby

DEPENDENCIES
  bundler
  codeclimatetest!
  rake
  test-unit

BUNDLED WITH
   1.17.2
