PATH
  remote: .
  specs:
    codeclimatetest (0.1.0)

GEM
  remote: https://rubygems.org/
  specs:
    coveralls (0.8.23)
      json (>= 1.8, < 3)
      simplecov (~> 0.16.1)
      term-ansicolor (~> 1.3)
      thor (>= 0.19.4, < 2.0)
      tins (~> 1.6)
    docile (1.3.2)
    json (2.3.0)
    power_assert (1.2.0)
    rake (13.0.1)
    simplecov (0.16.1)
      docile (~> 1.1)
      json (>= 1.8, < 3)
      simplecov-html (~> 0.10.0)
    simplecov-html (0.10.2)
    sync (0.5.0)
    term-ansicolor (1.7.1)
      tins (~> 1.0)
    test-unit (3.3.5)
      power_assert
    thor (1.0.1)
    tins (1.24.1)
      sync

PLATFORMS
  ruby

DEPENDENCIES
  bundler
  codeclimatetest!
  coveralls
  rake
  test-unit

BUNDLED WITH
   1.17.2
