PATH
  remote: .
  specs:
    codeclimatetest (0.1.0)

GEM
  remote: https://rubygems.org/
  specs:
    docile (1.3.2)
    json (2.3.0)
    power_assert (1.2.0)
    rake (13.0.1)
    simplecov (0.17.1)
      docile (~> 1.1)
      json (>= 1.8, < 3)
      simplecov-html (~> 0.10.0)
    simplecov-html (0.10.2)
    test-unit (3.3.5)
      power_assert

PLATFORMS
  ruby

DEPENDENCIES
  bundler
  codeclimatetest!
  rake
  simplecov (= 0.17.1)
  test-unit

BUNDLED WITH
   1.17.2
