PATH
  remote: .
  specs:
    codeclimatetest (0.1.0)

GEM
  remote: https://rubygems.org/
  specs:
    codecov (0.1.16)
      json
      simplecov
      url
    docile (1.3.2)
    json (2.3.0)
    power_assert (1.2.0)
    rake (13.0.1)
    simplecov (0.18.5)
      docile (~> 1.1)
      simplecov-html (~> 0.11)
    simplecov-html (0.12.2)
    test-unit (3.3.5)
      power_assert
    url (0.3.2)

PLATFORMS
  ruby

DEPENDENCIES
  bundler
  codeclimatetest!
  codecov
  rake
  simplecov
  test-unit

BUNDLED WITH
   1.17.2
