PATH
  remote: .
  specs:
    codeclimatetest (0.1.0)

GEM
  remote: https://rubygems.org/
  specs:
    docile (1.3.2)
    power_assert (1.2.0)
    rake (13.0.1)
    simplecov (0.18.5)
      docile (~> 1.1)
      simplecov-html (~> 0.11)
    simplecov-html (0.12.2)
    test-unit (3.3.5)
      power_assert

PLATFORMS
  ruby

DEPENDENCIES
  bundler
  codeclimatetest!
  rake
  simplecov (~> 0.17)
  test-unit

BUNDLED WITH
   1.17.2
